GEM
  remote: http://rubygems.org/
  specs:
    geokit (1.8.5)
      multi_json (>= 1.3.2)
    multi_json (1.10.1)
    rack (1.6.0.beta)
    rack-protection (1.5.3)
      rack
    shotgun (0.9)
      rack (>= 1.0)
    sinatra (1.4.5)
      rack (~> 1.4)
      rack-protection (~> 1.4)
      tilt (~> 1.3, >= 1.3.4)
    tilt (1.4.1)
    timezone (0.3.2)

PLATFORMS
  ruby

DEPENDENCIES
  geokit
  shotgun
  sinatra
  timezone
